GIT
  remote: https://github.com/treeder/rack-flash
  revision: 20e393cdce030f35422dba545a1fed91ed398b29
  specs:
    rack-flash3 (1.0.5)
      rack

GEM
  remote: https://rubygems.org/
  specs:
    actionview (5.2.2.1)
      activesupport (= 5.2.2.1)
      builder (~> 3.1)
      erubi (~> 1.4)
      rails-dom-testing (~> 2.0)
      rails-html-sanitizer (~> 1.0, >= 1.0.3)
    activesupport (5.2.2.1)
      concurrent-ruby (~> 1.0, >= 1.0.2)
      i18n (>= 0.7, < 2)
      minitest (~> 5.1)
      tzinfo (~> 1.1)
    addressable (2.5.1)
      public_suffix (~> 2.0, >= 2.0.2)
    aws-sdk (2.9.2)
      aws-sdk-resources (= 2.9.2)
    aws-sdk-core (2.9.2)
      aws-sigv4 (~> 1.0)
      jmespath (~> 1.0)
    aws-sdk-resources (2.9.2)
      aws-sdk-core (= 2.9.2)
    aws-sigv4 (1.0.0)
    backports (3.11.3)
    builder (3.2.3)
    byebug (9.0.6)
    colorize (0.8.1)
    concurrent-ruby (1.1.5)
    crass (1.0.5)
    cryptor (1.1.1)
      ordo (>= 0.0.2)
    domain_name (0.5.20170223)
      unf (>= 0.0.5, < 1.0.0)
    erubi (1.8.0)
    ffi (1.9.25)
    haml (5.1.2)
      temple (>= 0.8.0)
      tilt
    http (2.2.1)
      addressable (~> 2.3)
      http-cookie (~> 1.0)
      http-form_data (~> 1.0.1)
      http_parser.rb (~> 0.6.0)
    http-cookie (1.0.3)
      domain_name (~> 0.5)
    http-form_data (1.0.1)
    http_parser.rb (0.6.0)
    i18n (1.6.0)
      concurrent-ruby (~> 1.0)
    jmespath (1.3.1)
    json (2.0.3)
    launchy (2.4.3)
      addressable (~> 2.3)
    letter_opener (1.4.1)
      launchy (~> 2.2)
    libsqreen (0.3.0.0.3)
    loofah (2.3.1)
      crass (~> 1.0.2)
      nokogiri (>= 1.5.9)
    mini_portile2 (2.4.0)
    minitest (5.11.3)
    multi_json (1.13.1)
    mustermann (1.0.2)
    nokogiri (1.10.8)
      mini_portile2 (~> 2.4.0)
    ordo (0.0.2)
    public_suffix (2.0.5)
    puma (3.12.2)
    rack (2.0.8)
    rack-json-logs (1.1)
      colorize
      json
      trollop
    rack-parser (0.7.0)
      rack
    rack-protection (2.0.3)
      rack
    rails-dom-testing (2.0.3)
      activesupport (>= 4.2.0)
      nokogiri (>= 1.6)
    rails-html-sanitizer (1.0.4)
      loofah (~> 2.2, >= 2.2.2)
    rake (12.0.0)
    rbnacl (4.0.2)
      ffi
    rbnacl-libsodium (1.0.11)
      rbnacl (>= 3.0.1)
    redcarpet (3.4.0)
    redis (3.3.3)
    shotgun (0.9.2)
      rack (>= 1.0)
    sinatra (2.0.3)
      mustermann (~> 1.0)
      rack (~> 2.0)
      rack-protection (= 2.0.3)
      tilt (~> 2.0)
    sinatra-contrib (2.0.3)
      activesupport (>= 4.0.0)
      backports (>= 2.8.2)
      multi_json
      mustermann (~> 1.0)
      rack-protection (= 2.0.3)
      sinatra (= 2.0.3)
      tilt (>= 1.3, < 3)
    sq_mini_racer (0.2.5.0.1.beta2)
    sqreen (1.18.0)
      libsqreen (~> 0.3.0.0)
      sq_mini_racer (~> 0.2.4.sqreen2)
    temple (0.8.2)
    thread_safe (0.3.6)
    tilt (2.0.10)
    trollop (2.1.2)
    tzinfo (1.2.5)
      thread_safe (~> 0.1)
    unf (0.1.4)
      unf_ext
    unf_ext (0.0.7.2)

PLATFORMS
  ruby

DEPENDENCIES
  actionview
  aws-sdk (~> 2)
  byebug
  cryptor
  haml
  http
  letter_opener
  puma (~> 3.12.2)
  rack-flash3!
  rack-json-logs
  rack-parser
  rake
  rbnacl-libsodium
  redcarpet
  redis
  shotgun
  sinatra (~> 2.0.3)
  sinatra-contrib
  sqreen (>= 1.16)
  tilt (~> 2.0)

BUNDLED WITH
   1.17.3
